GEM
  remote: https://rubygems.org/
  specs:
    pg (1.1.4)

PLATFORMS
  ruby

DEPENDENCIES
  pg

RUBY VERSION
   ruby 2.6.5p114

BUNDLED WITH
   2.0.2
